GEM
  remote: http://rubygems.org/
  specs:
    apipie-bindings (0.0.15)
      json (>= 1.2.1)
      oauth
      rest-client (>= 1.6.5)
    awesome_print (1.6.1)
    clamp (1.0.0)
    domain_name (0.5.20160128)
      unf (>= 0.0.5, < 1.0.0)
    fast_gettext (1.0.0)
    hammer_cli (0.5.1)
      apipie-bindings (~> 0.0.14)
      awesome_print
      clamp (>= 1.0.0)
      fast_gettext
      highline
      locale (>= 2.0.6)
      logging
      table_print
    hammer_cli_foreman (0.5.1)
      hammer_cli (>= 0.5.0)
    highline (1.7.8)
    http-cookie (1.0.2)
      domain_name (~> 0.5)
    json (1.8.3)
    little-plugger (1.1.4)
    locale (2.1.2)
    logging (2.0.0)
      little-plugger (~> 1.1)
      multi_json (~> 1.10)
    mime-types (2.99)
    multi_json (1.11.2)
    netrc (0.11.0)
    oauth (0.4.7)
    rest-client (1.8.0)
      http-cookie (>= 1.0.2, < 2.0)
      mime-types (>= 1.16, < 3.0)
      netrc (~> 0.7)
    table_print (1.5.4)
    unf (0.1.4)
      unf_ext
    unf_ext (0.0.7.2)

PLATFORMS
  ruby

DEPENDENCIES
  hammer_cli_foreman

BUNDLED WITH
   1.11.2
